PATH
  remote: .
  specs:
    nanodoc (0.0.1)
      deep_merge
      haml
      kramdown
      mahoro
      micromachine
      minigit
      multi_json
      nanoc
      nokogiri
      rubypants
      thor

GEM
  remote: https://rubygems.org/
  specs:
    binding_of_caller (0.7.1)
      debug_inspector (>= 0.0.1)
    coderay (1.0.9)
    colored (1.2)
    columnize (0.3.6)
    cri (2.3.0)
      colored (>= 1.2)
    debug_inspector (0.0.2)
    debugger (1.5.0)
      columnize (>= 0.3.1)
      debugger-linecache (~> 1.2.0)
      debugger-ruby_core_source (~> 1.2.0)
    debugger-linecache (1.2.0)
    debugger-ruby_core_source (1.2.0)
    deep_merge (1.0.0)
    haml (4.0.2)
      tilt
    interception (0.3)
    kramdown (1.0.1)
    mahoro (0.4)
    method_source (0.8.1)
    micromachine (1.0.4)
    minigit (0.0.3)
    minitest (4.7.4)
    multi_json (1.7.2)
    nanoc (3.6.3)
      cri (~> 2.3)
    nokogiri (1.5.9)
    oj (2.0.12)
    pry (0.9.12.1)
      coderay (~> 1.0.5)
      method_source (~> 0.8)
      slop (~> 3.4)
    pry-debugger (0.2.2)
      debugger (~> 1.3)
      pry (~> 0.9.10)
    pry-rescue (1.1.0)
      interception (>= 0.3)
      pry
    pry-stack_explorer (0.4.9)
      binding_of_caller (>= 0.7)
      pry (~> 0.9.11)
    rake (10.0.4)
    rubypants (0.2.0)
    slop (3.4.4)
    thor (0.18.1)
    tilt (1.4.0)

PLATFORMS
  ruby

DEPENDENCIES
  minitest
  nanodoc!
  oj
  pry
  pry-debugger
  pry-rescue
  pry-stack_explorer
  rake
